GEM
  remote: http://rubygems.org/
  specs:
    childprocess (0.2.2)
      ffi (~> 1.0.6)
    diff-lcs (1.1.3)
    ffi (1.0.9)
    fssm (0.2.7)
    jasmine (1.0.2.1)
      json_pure (>= 1.4.3)
      rack (>= 1.1)
      rspec (>= 1.3.1)
      selenium-webdriver (>= 0.1.3)
    jsmin (1.0.1)
    json_pure (1.5.4)
      spruz (~> 0.2.8)
    ninjs (0.16.0)
      fssm
      fssm
      jsmin
      jsmin
      rubikon
      sprockets (= 1.0.2)
      sprockets
    rack (1.3.2)
    rspec (2.6.0)
      rspec-core (~> 2.6.0)
      rspec-expectations (~> 2.6.0)
      rspec-mocks (~> 2.6.0)
    rspec-core (2.6.4)
    rspec-expectations (2.6.0)
      diff-lcs (~> 1.1.2)
    rspec-mocks (2.6.0)
    rubikon (0.6.0)
    rubyzip (0.9.4)
    selenium-webdriver (2.5.0)
      childprocess (>= 0.2.1)
      ffi (>= 1.0.7)
      json_pure
      rubyzip
    sprockets (1.0.2)
    spruz (0.2.13)

PLATFORMS
  ruby

DEPENDENCIES
  jasmine
  ninjs (>= 0.16.0)
